GEM
  remote: http://rubygems.org/
  specs:
    haml (3.0.25)
    nokogiri (1.4.4)
    rack (1.2.1)
    sass (3.1.0.alpha.221)
    sinatra (1.1.2)
      rack (~> 1.1)
      tilt (~> 1.2)
    tilt (1.2.2)

PLATFORMS
  ruby

DEPENDENCIES
  haml
  nokogiri
  sass
  sinatra
